GEM
  remote: http://rubygems.org/
  specs:
    RedCloth (4.2.9)
    chunky_png (1.3.12)
    compass (0.12.7)
      chunky_png (~> 1.2)
      fssm (>= 0.2.7)
      sass (~> 3.2.19)
    fssm (0.2.10)
    haml (3.1.8)
    kramdown (2.3.0)
      rexml
    liquid (2.3.0)
    multi_json (1.15.0)
    pygments.rb (1.2.1)
      multi_json (>= 1.0.0)
    rack (1.4.7)
    rack-protection (1.5.5)
      rack
    rake (0.9.6)
    rb-fsevent (0.10.4)
    rdiscount (2.2.0.2)
    rexml (3.2.4)
    rubypants (0.2.0)
    sass (3.2.19)
    sinatra (1.3.6)
      rack (~> 1.4)
      rack-protection (~> 1.3)
      tilt (~> 1.3, >= 1.3.3)
    stringex (1.4.0)
    tilt (1.4.1)

PLATFORMS
  ruby

DEPENDENCIES
  RedCloth (~> 4.2.9)
  compass (~> 0.12.1)
  haml (~> 3.1.6)
  kramdown (>= 2.3.0)
  liquid (~> 2.3.0)
  pygments.rb (~> 1.2, >= 1.2.1)
  rack (~> 1.4.1)
  rake (~> 0.9.2)
  rb-fsevent (~> 0.9)
  rdiscount (~> 2.2, >= 2.2.0.2)
  rubypants (~> 0.2.0)
  sinatra (~> 1.3.2)
  stringex (~> 1.4.0)

BUNDLED WITH
   2.1.4
